GEM
  remote: https://rubygems.org/
  specs:
    highline (1.7.8)
    power_assert (0.2.6)
    test-unit (3.1.5)
      power_assert

PLATFORMS
  ruby

DEPENDENCIES
  highline
  test-unit

BUNDLED WITH
   1.12.5
