GEM
  remote: https://rubygems.org/
  specs:
    awesome_print (1.6.1)
    coderay (1.1.1)
    highline (1.7.8)
    method_source (0.8.2)
    power_assert (0.2.6)
    pry (0.10.3)
      coderay (~> 1.1.0)
      method_source (~> 0.8.1)
      slop (~> 3.4)
    slop (3.6.0)
    table_print (1.5.3)
    test-unit (3.1.5)
      power_assert

PLATFORMS
  ruby

DEPENDENCIES
  awesome_print
  highline
  pry
  table_print
  test-unit

BUNDLED WITH
   1.12.5
